GEM
  remote: https://rubygems.org/
  specs:
    CFPropertyList (3.0.6)
      rexml
    activesupport (6.1.7.4)
      concurrent-ruby (~> 1.0, >= 1.0.2)
      i18n (>= 1.6, < 2)
      minitest (>= 5.1)
      tzinfo (~> 2.0)
      zeitwerk (~> 2.3)
    arkana (1.4.0)
      dotenv (~> 2.7)
      rainbow (~> 3.1.1)
      yaml (~> 0.2)
    atomos (0.1.3)
    claide (1.1.0)
    clamp (1.3.2)
    colored2 (3.1.2)
    concurrent-ruby (1.2.2)
    dotenv (2.8.1)
    i18n (1.14.1)
      concurrent-ruby (~> 1.0)
    mini_portile2 (2.8.2)
    minitest (5.18.1)
    nanaimo (0.3.0)
    nokogiri (1.13.10)
      mini_portile2 (~> 2.8.0)
      racc (~> 1.4)
    racc (1.7.1)
    rainbow (3.1.1)
    rexml (3.2.5)
    slather (2.7.4)
      CFPropertyList (>= 2.2, < 4)
      activesupport
      clamp (~> 1.3)
      nokogiri (>= 1.13.9)
      xcodeproj (~> 1.21)
    tzinfo (2.0.6)
      concurrent-ruby (~> 1.0)
    xcodeproj (1.22.0)
      CFPropertyList (>= 2.3.3, < 4.0)
      atomos (~> 0.1.3)
      claide (>= 1.0.2, < 2.0)
      colored2 (~> 3.1)
      nanaimo (~> 0.3.0)
      rexml (~> 3.2.4)
    yaml (0.2.1)
    zeitwerk (2.6.8)

PLATFORMS
  ruby

DEPENDENCIES
  arkana
  slather

BUNDLED WITH
   1.17.2
